GEM
  remote: https://rubygems.org/
  specs:
    acme-client (0.5.5)
      faraday (~> 0.9, >= 0.9.1)
    activesupport (5.1.4)
      concurrent-ruby (~> 1.0, >= 1.0.2)
      i18n (~> 0.7)
      minitest (~> 5.1)
      tzinfo (~> 1.1)
    addressable (2.6.0)
      public_suffix (>= 2.0.2, < 4.0)
    colorator (1.1.0)
    concurrent-ruby (1.0.5)
    faraday (0.13.1)
      multipart-post (>= 1.2, < 3)
    ffi (1.11.1)
    forwardable-extended (2.6.0)
    i18n (0.9.1)
      concurrent-ruby (~> 1.0)
    jekyll (3.6.3)
      addressable (~> 2.4)
      colorator (~> 1.0)
      jekyll-sass-converter (~> 1.0)
      jekyll-watch (~> 1.1)
      kramdown (~> 1.14)
      liquid (~> 4.0)
      mercenary (~> 0.3.3)
      pathutil (~> 0.9)
      rouge (>= 1.7, < 3)
      safe_yaml (~> 1.0)
    jekyll-default-layout (0.1.4)
      jekyll (~> 3.0)
    jekyll-feed (0.9.2)
      jekyll (~> 3.3)
    jekyll-gitlab-letsencrypt (0.1.0)
      acme-client (~> 0.5.0)
      activesupport (>= 3.0.0)
    jekyll-optional-front-matter (0.3.0)
      jekyll (~> 3.0)
    jekyll-paginate (1.1.0)
    jekyll-redirect-from (0.13.0)
      jekyll (~> 3.3)
    jekyll-relative-links (0.5.2)
      jekyll (~> 3.3)
    jekyll-sass-converter (1.5.2)
      sass (~> 3.4)
    jekyll-seo-tag (2.4.0)
      jekyll (~> 3.3)
    jekyll-sitemap (1.1.1)
      jekyll (~> 3.3)
    jekyll-titles-from-headings (0.5.0)
      jekyll (~> 3.3)
    jekyll-watch (1.5.1)
      listen (~> 3.0)
    kramdown (1.17.0)
    liquid (4.0.3)
    listen (3.1.5)
      rb-fsevent (~> 0.9, >= 0.9.4)
      rb-inotify (~> 0.9, >= 0.9.7)
      ruby_dep (~> 1.2)
    mercenary (0.3.6)
    minitest (5.10.3)
    multipart-post (2.0.0)
    pathutil (0.16.2)
      forwardable-extended (~> 2.6)
    public_suffix (3.1.0)
    rb-fsevent (0.10.3)
    rb-inotify (0.10.0)
      ffi (~> 1.0)
    rouge (2.2.1)
    ruby_dep (1.5.0)
    safe_yaml (1.0.5)
    sass (3.7.4)
      sass-listen (~> 4.0.0)
    sass-listen (4.0.0)
      rb-fsevent (~> 0.9, >= 0.9.4)
      rb-inotify (~> 0.9, >= 0.9.7)
    thread_safe (0.3.6)
    tzinfo (1.2.4)
      thread_safe (~> 0.1)

PLATFORMS
  ruby

DEPENDENCIES
  jekyll
  jekyll-default-layout
  jekyll-feed
  jekyll-gitlab-letsencrypt
  jekyll-optional-front-matter
  jekyll-paginate
  jekyll-redirect-from
  jekyll-relative-links
  jekyll-seo-tag
  jekyll-sitemap
  jekyll-titles-from-headings

BUNDLED WITH
   1.16.0
